GEM
  remote: https://rubygems.org/
  specs:
    gosu (0.10.4-x64-mingw32)
    gosu_tiled (0.1.1)
      gosu
      json
    json (1.8.3)
    minigl (2.0.5)
      gosu (~> 0.7)

PLATFORMS
  x64-mingw32

DEPENDENCIES
  gosu
  gosu_tiled
  minigl

BUNDLED WITH
   1.10.6
